GEM
  remote: https://rubygems.org/
  specs:
    aws-sdk (2.9.0)
      aws-sdk-resources (= 2.9.0)
    aws-sdk-core (2.9.0)
      aws-sigv4 (~> 1.0)
      jmespath (~> 1.0)
    aws-sdk-resources (2.9.0)
      aws-sdk-core (= 2.9.0)
    aws-sigv4 (1.0.0)
    bson (1.12.5)
    bson_ext (1.12.5)
      bson (~> 1.12.5)
    deep_merge (1.1.1)
    erubis (2.7.0)
    jmespath (1.3.1)
    mongo (1.12.5)
      bson (= 1.12.5)
    mono_logger (1.1.0)
    multi_json (1.12.1)
    rack (1.6.5)
    rack-protection (1.5.3)
      rack
    rake (11.2.2)
    redis (3.3.3)
    redis-namespace (1.5.3)
      redis (~> 3.0, >= 3.0.4)
    resque (1.27.2)
      mono_logger (~> 1.0)
      multi_json (~> 1.0)
      redis-namespace (~> 1.3)
      sinatra (>= 0.9.2)
      vegas (~> 0.1.2)
    sinatra (1.4.8)
      rack (~> 1.5)
      rack-protection (~> 1.4)
      tilt (>= 1.3, < 3)
    tilt (2.0.7)
    vegas (0.1.11)
      rack (>= 1.0.0)

PLATFORMS
  ruby

DEPENDENCIES
  aws-sdk
  bson_ext
  deep_merge
  erubis
  mongo
  rake
  resque

BUNDLED WITH
   1.14.6
