GEM
  remote: https://rubygems.org/
  specs:
    aws-sdk (2.10.34)
      aws-sdk-resources (= 2.10.34)
    aws-sdk-core (2.10.34)
      aws-sigv4 (~> 1.0)
      jmespath (~> 1.0)
    aws-sdk-resources (2.10.34)
      aws-sdk-core (= 2.10.34)
    aws-sigv4 (1.0.1)
    bson (4.2.2)
    bson_ext (1.5.1)
    deep_merge (1.1.1)
    erubis (2.7.0)
    jmespath (1.3.1)
    mongo (2.4.3)
      bson (>= 4.2.1, < 5.0.0)
    mono_logger (1.1.0)
    multi_json (1.12.1)
    mustermann (1.0.1)
    netaddr (1.5.1)
    rack (2.0.3)
    rack-protection (2.0.0)
      rack
    rake (12.0.0)
    redis (3.3.3)
    redis-namespace (1.5.3)
      redis (~> 3.0, >= 3.0.4)
    resque (1.27.4)
      mono_logger (~> 1.0)
      multi_json (~> 1.0)
      redis-namespace (~> 1.3)
      sinatra (>= 0.9.2)
      vegas (~> 0.1.2)
    sinatra (2.0.0)
      mustermann (~> 1.0)
      rack (~> 2.0)
      rack-protection (= 2.0.0)
      tilt (~> 2.0)
    tilt (2.0.8)
    vegas (0.1.11)
      rack (>= 1.0.0)

PLATFORMS
  ruby

DEPENDENCIES
  aws-sdk
  bson_ext
  deep_merge
  erubis
  mongo
  netaddr
  rake
  resque

BUNDLED WITH
   1.15.3
